GEM
  remote: https://rubygems.org/
  specs:
    github-pages (226)
      jekyll (>= 3.8, < 4.0)
      jekyll-avatar (~> 0.4.0)
      jekyll-mentions (~> 1.4)
      jekyll-paginate (~> 1.1)
      jekyll-sitemap (~> 1.0)
      jekyll-toc (~> 0.5)
      kramdown (~> 2.3)
      minima (>= 2.0)
      ruby_dep (~> 1.5)
      safe_yaml (~> 1.0)
      whitelist (>= 0.1.0)
